GEM
  remote: https://rubygems.org/
  specs:
    bio (1.5.2)
    coderay (1.1.2)
    method_source (0.9.2)
    pry (0.12.2)
      coderay (~> 1.1.0)
      method_source (~> 0.9.0)

PLATFORMS
  ruby

DEPENDENCIES
  bio (~> 1.5, >= 1.5.2)
  pry

BUNDLED WITH
   1.16.5
